GEM
  remote: http://s3.amazonaws.com/bosh-jenkins-gems/
  remote: https://rubygems.org/
  specs:
    aws-sdk (1.32.0)
      json (~> 1.4)
      nokogiri (>= 1.4.4)
      uuidtools (~> 2.1)
    blobstore_client (1.2579.0)
      aws-sdk (= 1.32.0)
      bosh_common (~> 1.2579.0)
      fog (~> 1.14.0)
      httpclient (= 2.2.4)
      multi_json (~> 1.1)
      ruby-atmos-pure (~> 1.0.5)
    bosh_cli (1.2579.0)
      blobstore_client (~> 1.2579.0)
      bosh_common (~> 1.2579.0)
      highline (~> 1.6.2)
      httpclient (= 2.2.4)
      json_pure (~> 1.7)
      minitar (~> 0.5.4)
      net-scp (~> 1.1.0)
      net-ssh (>= 2.2.1)
      net-ssh-gateway (~> 1.1.0)
      netaddr (~> 1.5.0)
      progressbar (~> 0.9.0)
      terminal-table (~> 1.4.3)
    bosh_common (1.2579.0)
    builder (3.2.2)
    diff-lcs (1.2.5)
    erubis (2.7.0)
    excon (0.25.3)
    fog (1.14.0)
      builder
      excon (~> 0.25.0)
      formatador (~> 0.2.0)
      mime-types
      multi_json (~> 1.0)
      net-scp (~> 1.1)
      net-ssh (>= 2.1.3)
      nokogiri (~> 1.5)
      ruby-hmac
    formatador (0.2.5)
    highline (1.6.21)
    httpclient (2.2.4)
    json (1.8.1)
    json_pure (1.8.1)
    log4r (1.1.10)
    mime-types (2.3)
    mini_portile (0.6.0)
    minitar (0.5.4)
    multi_json (1.10.1)
    net-scp (1.1.2)
      net-ssh (>= 2.6.5)
    net-ssh (2.9.1)
    net-ssh-gateway (1.1.0)
      net-ssh (>= 1.99.1)
    netaddr (1.5.0)
    nokogiri (1.6.2.1)
      mini_portile (= 0.6.0)
    progressbar (0.9.2)
    rake (10.1.0)
    rspec (2.14.1)
      rspec-core (~> 2.14.0)
      rspec-expectations (~> 2.14.0)
      rspec-mocks (~> 2.14.0)
    rspec-core (2.14.7)
    rspec-expectations (2.14.4)
      diff-lcs (>= 1.1.3, < 2.0)
    rspec-mocks (2.14.4)
    ruby-atmos-pure (1.0.5)
      log4r (>= 1.1.9)
      ruby-hmac (>= 0.4.0)
    ruby-hmac (0.4.0)
    terminal-table (1.4.5)
    uuidtools (2.1.4)

PLATFORMS
  ruby

DEPENDENCIES
  bosh_cli (~> 1.2579)
  erubis (~> 2.7.0)
  rake (~> 10.1.0)
  rspec (~> 2.14.0)
